GEM
  remote: https://rubygems.org/
  specs:
    builder (3.2.2)
    cucumber (2.0.0.rc.4)
      builder (>= 2.1.2)
      cucumber-core (~> 1.1.0)
      diff-lcs (>= 1.1.3)
      gherkin (~> 2.12)
      multi_json (>= 1.7.5, < 2.0)
      multi_test (>= 0.1.2)
    cucumber-core (1.1.1)
      gherkin (~> 2.12.0)
    cucumber-tcl (0.0.3)
      cucumber (~> 2.0.0.rc.4)
      ruby-tcl (~> 0.1.1)
    diff-lcs (1.2.5)
    gherkin (2.12.2)
      multi_json (~> 1.3)
    multi_json (1.10.1)
    multi_test (0.1.2)
    ruby-tcl (0.1.1)

PLATFORMS
  ruby

DEPENDENCIES
  cucumber-tcl
